GEM
  remote: https://rubygems.org/
  specs:
    rainbow (3.0.0)

PLATFORMS
  ruby

DEPENDENCIES
  rainbow

BUNDLED WITH
   2.0.1
