GEM
  remote: https://rubygems.org/
  specs:
    chroma (0.2.0)
    rainbow (3.0.0)

PLATFORMS
  ruby

DEPENDENCIES
  chroma
  rainbow

BUNDLED WITH
   2.0.1
